PATH
  remote: .
  specs:
    apthub (0.0.1)

GEM
  remote: https://rubygems.org/
  specs:
    coderay (1.1.0)
    faraday (0.8.9)
      multipart-post (~> 1.2.0)
    faraday_middleware (0.9.0)
      faraday (>= 0.7.4, < 0.9)
    method_source (0.8.2)
    multipart-post (1.2.0)
    pry (0.9.12.6)
      coderay (~> 1.0)
      method_source (~> 0.8)
      slop (~> 3.4)
    puma (2.8.1)
      rack (>= 1.1, < 2.0)
    rack (1.5.2)
    rack-protection (1.5.2)
      rack
    rake (10.1.1)
    sinatra (1.4.4)
      rack (~> 1.4)
      rack-protection (~> 1.4)
      tilt (~> 1.3, >= 1.3.4)
    slop (3.4.7)
    tilt (1.4.1)

PLATFORMS
  ruby

DEPENDENCIES
  apthub!
  bundler (~> 1.5)
  faraday (~> 0.8.0)
  faraday_middleware (~> 0.9.0)
  pry
  puma
  rake
  sinatra
